NUGET
  remote: https://www.nuget.org/api/v2
  specs:
    FAKE (4.12.2)
    FSharp.Compiler.Service (2.0.0.2)
    FSharp.Core (4.0.0.1)
    Microsoft.AspNet.SignalR.Client (2.2.0)
      Microsoft.Net.Http (>= 2.2.28) - framework: portable-net45+sl50+win+wp80+wp81, wpv8.1
      Newtonsoft.Json (>= 6.0.4) - framework: >= net40, portable-net45+sl50+win+wp80+wp81, wpv8.1
    Microsoft.Bcl (1.1.10) - framework: portable-net45+sl50+win+wp80+wp81, wpv8.1
      Microsoft.Bcl.Build (>= 1.0.14)
    Microsoft.Bcl.Build (1.0.21) - import_targets: false, framework: portable-net45+sl50+win+wp80+wp81, wpv8.1
    Microsoft.Net.Http (2.2.29) - framework: portable-net45+sl50+win+wp80+wp81, wpv8.1
      Microsoft.Bcl (>= 1.1.10)
      Microsoft.Bcl.Build (>= 1.0.14)
    Newtonsoft.Json (8.0.2) - framework: >= net40, portable-net45+sl50+win+wp80+wp81, wpv8.1
    Suave (1.0.0)
      FSharp.Core (>= 3.1.2.5)
